REDIRECTS: FORCE
RESTRICTION: == net461
NUGET
  remote: https://api.nuget.org/v3/index.json
    Aether (8.2)
      FSharp.Core (>= 4.1)
    Argu (4.2.1)
      FSharp.Core (>= 3.1.2)
    Chiron (6.2.1)
      Aether (>= 8.0.2 < 9.0)
      FParsec (>= 1.0 < 2.0)
    Expecto (5.1.2)
      Argu (>= 3.7)
      FSharp.Core (>= 4.1.18)
      Mono.Cecil (>= 0.10.0-beta7)
      System.ValueTuple (>= 4.4)
    Expecto.FsCheck (5.1.2)
      Expecto (>= 5.1.2)
      FsCheck (>= 2.10.4)
      FSharp.Core (>= 4.1.18)
      System.ValueTuple (>= 4.4)
    FParsec (1.0.3)
      FSharp.Core (>= 4.0.0.1)
    FsCheck (2.10.6)
      FSharp.Core (>= 4.0.0.1)
    FSharp.Core (4.2.3)
    Hopac (0.3.23)
      FSharp.Core (>= 3.1.2.5)
    Http.fs (4.1.2)
      FSharp.Core (>= 3.1.2.5)
      Hopac (>= 0.3.21)
    Mono.Cecil (0.10.0-beta7)
    NodaTime (2.2.3)
    System.ValueTuple (4.4)
GITHUB
  remote: haf/YoLo
    YoLo.fs (e546b9806924efcb84523ac76fd3de4e0c3b1d9c)
  remote: logary/logary
    src/Logary.Facade/Facade.fs (5173cf2c3b1af1230e053777c56a6ce1327b0cc4)
GROUP Test
REDIRECTS: FORCE
RESTRICTION: == net461
NUGET
  remote: https://api.nuget.org/v3/index.json
    FSharp.Core (4.2.3)
