FRAMEWORK: NET45
NUGET
  remote: https://www.nuget.org/api/v2
    Aether (8.1.2)
    Chiron (6.2)
      Aether (>= 8.0.2 < 9.0)
      FParsec (>= 1.0 < 2.0)
    FParsec (1.0.2)
    FsCheck (2.6)
      FSharp.Core (>= 3.1.2.5)
    FSharp.Core (4.0.0.1)
    Fuchu (1.0.3)
      FSharp.Core (>= 3.1.2.1)
    Fuchu.FsCheck (1.0.3)
      FsCheck (>= 2.2.4)
      FSharp.Core (>= 3.1.2.5)
      Fuchu (>= 1.0.3)
    Hopac (0.3.7)
      FSharp.Core (>= 3.1.2.5)
    Http.fs (3.0.7)
      FSharp.Core (>= 3.1.2.5)
      Hopac (>= 0.3.4)
    NodaTime (1.3.2)
    NuGet.CommandLine (3.4.3)
GITHUB
  remote: haf/YoLo
    YoLo.fs (c8cab523cd9cc30d3a5a450249de561e5069dc6d)
  remote: logary/logary
    src/Logary.Facade/Facade.fs (43d3bc02f20bd600e7c299ceff7e684275e5866a)
GROUP Test
REDIRECTS: ON
NUGET
  remote: https://www.nuget.org/api/v2
    FSharp.Core (4.0.0.1)
