FRAMEWORK: NET45
NUGET
  remote: https://www.nuget.org/api/v2
    Aether (8.1.2)
    Chiron (6.2.1)
      Aether (>= 8.0.2 < 9.0)
      FParsec (>= 1.0 < 2.0)
    FParsec (1.0.2)
    FsCheck (2.6.1)
      FSharp.Core (>= 3.1.2.5)
    FSharp.Core (4.0.0.1)
    Fuchu (1.0.3)
      FSharp.Core (>= 3.1.2.1)
    Fuchu.FsCheck (1.0.3)
      FsCheck (>= 2.2.4)
      FSharp.Core (>= 3.1.2.5)
      Fuchu (>= 1.0.3)
    Hopac (0.3.22)
      FSharp.Core (>= 3.1.2.5)
    Http.fs (4.1)
      FSharp.Core (>= 3.1.2.5)
      Hopac (>= 0.3.21)
    NodaTime (1.3.2)
    NuGet.CommandLine (3.4.3)
GITHUB
  remote: haf/YoLo
    YoLo.fs (11023b9fcd2c1d28a7a0c0de5609647e3e1b03ce)
  remote: logary/logary
    src/Logary.Facade/Facade.fs (2ada28a4332ac0aa82408dc900e396ff7bc7a4b4)
GROUP Test
REDIRECTS: ON
NUGET
  remote: https://www.nuget.org/api/v2
    FSharp.Core (4.0.0.1)
