FRAMEWORK: NET45
NUGET
  remote: https://www.nuget.org/api/v2
    Aether (8.1.2)
    Chiron (6.2)
      Aether (>= 8.0.2 < 9.0)
      FParsec (>= 1.0 < 2.0)
    FParsec (1.0.2)
    FsCheck (2.6)
      FSharp.Core (>= 3.1.2.5)
    FSharp.Core (4.0.0.1)
    Fuchu (1.0.3)
      FSharp.Core (>= 3.1.2.1)
    Fuchu.FsCheck (1.0.3)
      FsCheck (>= 2.2.4)
      FSharp.Core (>= 3.1.2.5)
      Fuchu (>= 1.0.3)
    Hopac (0.3.13)
      FSharp.Core (>= 3.1.2.5)
    Http.fs (4.0)
      FSharp.Core (>= 3.1.2.5)
      Hopac (>= 0.3.13)
    NodaTime (1.3.2)
    NuGet.CommandLine (3.4.3)
GITHUB
  remote: haf/YoLo
    YoLo.fs (be489d4c816d19ab25573ef5f604c87e20e526b9)
  remote: logary/logary
    src/Logary.Facade/Facade.fs (c6530de8eb24c176e13a504c36c8c1fb0dc5d827)
GROUP Test
REDIRECTS: ON
NUGET
  remote: https://www.nuget.org/api/v2
    FSharp.Core (4.0.0.1)
